PATH
  remote: .
  specs:
    minidust (0.1.5)

GEM
  remote: https://rubygems.org/
  specs:
    ast (2.4.3)
    byebug (12.0.0)
    minitest (5.25.5)
    mocha (2.7.1)
      ruby2_keywords (>= 0.0.5)
    parser (3.3.8.0)
      ast (~> 2.4.1)
      racc
    racc (1.8.1)
    rake (10.5.0)
    ruby2_keywords (0.0.5)

PLATFORMS
  arm64-darwin-24
  ruby

DEPENDENCIES
  bundler (>= 2.0)
  byebug
  minidust!
  minitest (~> 5.0)
  mocha
  parser (~> 3.3.0)
  rake (~> 10.0)

BUNDLED WITH
   2.6.3
